RESTRICTION: == net47
NUGET
  remote: https://www.nuget.org/api/v2
    FSharp.Core (4.3.4)
    Suave (2.4)
      FSharp.Core (>= 4.0 < 5.0)
